PATH
  remote: .
  specs:
    libretranslate (0.1.0)

GEM
  remote: https://rubygems.org/
  specs:
    rake (13.1.0)

PLATFORMS
  arm64-darwin-22

DEPENDENCIES
  libretranslate!
  rake (~> 13.0)

BUNDLED WITH
   2.4.22
